GEM
  remote: http://rubygems.org/
  specs:
    posix-spawn (0.3.8)
    pygments.rb (0.5.4)
      posix-spawn (~> 0.3.6)
      yajl-ruby (~> 1.1.0)
    redcarpet (3.1.1)
    slim (2.0.2)
      temple (~> 0.6.6)
      tilt (>= 1.3.3, < 2.1)
    temple (0.6.7)
    tilt (1.4.1)
    yajl-ruby (1.1.0)

PLATFORMS
  ruby

DEPENDENCIES
  pygments.rb
  redcarpet
  slim
