PATH
  remote: .
  specs:
    redpygments (0.0.0.2)
      pygments.rb
      redcarpet
      sass
      slim

GEM
  remote: https://rubygems.org/
  specs:
    posix-spawn (0.3.8)
    pygments.rb (0.5.4)
      posix-spawn (~> 0.3.6)
      yajl-ruby (~> 1.1.0)
    rake (10.3.1)
    redcarpet (3.1.1)
    sass (3.3.6)
    slim (2.0.2)
      temple (~> 0.6.6)
      tilt (>= 1.3.3, < 2.1)
    temple (0.6.7)
    tilt (2.0.1)
    yajl-ruby (1.1.0)

PLATFORMS
  ruby

DEPENDENCIES
  bundler (~> 1.6)
  rake
  redpygments!
